GEM
  remote: https://rubygems.org/
  specs:
    coderay (1.1.1)
    faker (1.7.3)
      i18n (~> 0.5)
    httparty (0.15.5)
      multi_xml (>= 0.5.2)
    i18n (0.8.1)
    method_source (0.8.2)
    multi_xml (0.6.0)
    pry (0.10.4)
      coderay (~> 1.1.0)
      method_source (~> 0.8.1)
      slop (~> 3.4)
    slop (3.6.0)

PLATFORMS
  ruby

DEPENDENCIES
  faker
  httparty
  pry

BUNDLED WITH
   1.14.6
